GEM
  remote: http://rubygems.org/
  specs:
    amazon_product (3.0.1)
      nokogiri (~> 1.4)
    diff-lcs (1.1.3)
    fakeweb (1.3.0)
    git (1.2.5)
    jeweler (1.6.4)
      bundler (~> 1.0)
      git (>= 1.2.5)
      rake
    jnunemaker-matchy (0.4.0)
    mocha (0.9.12)
    nokogiri (1.5.0)
    rake (0.9.2)
    rspec (2.7.0)
      rspec-core (~> 2.7.0)
      rspec-expectations (~> 2.7.0)
      rspec-mocks (~> 2.7.0)
    rspec-core (2.7.1)
    rspec-expectations (2.7.0)
      diff-lcs (~> 1.1.2)
    rspec-mocks (2.7.0)
    shoulda (2.11.3)

PLATFORMS
  ruby

DEPENDENCIES
  amazon_product
  fakeweb
  jeweler
  jnunemaker-matchy
  mocha
  nokogiri
  rake
  rspec
  shoulda
